GEM
  remote: https://rubygems.org/
  specs:
    date (3.3.3)
    json (2.6.3)
    nokogiri (1.15.2-x86_64-linux)
      racc (~> 1.4)
    open-uri (0.3.0)
      stringio
      time
      uri
    racc (1.7.0)
    stringio (3.0.7)
    time (0.2.2)
      date
    uri (0.12.1)

PLATFORMS
  x86_64-linux

DEPENDENCIES
  json
  nokogiri
  open-uri

BUNDLED WITH
   2.4.10
